GEM
  remote: https://rubygems.org/
  specs:
    chunky_png (1.3.3)
    json (1.8.1)
    narray (0.6.0.9)
    rack (1.5.2)
    rack-protection (1.5.3)
      rack
    rb-libsvm (1.2.0)
    ruby-fann (1.2.6)
    sinatra (1.4.5)
      rack (~> 1.4)
      rack-protection (~> 1.4)
      tilt (~> 1.3, >= 1.3.4)
    tilt (1.4.1)

PLATFORMS
  ruby

DEPENDENCIES
  chunky_png
  json
  narray
  rb-libsvm
  ruby-fann
  sinatra
